GIT
  remote: git://github.wdf.sap.corp/monsoon/elektra-extension.git
  revision: a18a49a5dee437e1f3d4e616ed87924326fd26cb
  branch: master
  specs:
    elektra-extension (0.0.1)

GIT
  remote: https://github.com/sapcc/arc-client.git
  revision: 5d9b922d3c19d02f0cd87c7cc93f80802a960b50
  specs:
    arc-client (0.7.1)
      rest-client (~> 2.0.0.rc3)

GIT
  remote: https://github.com/sapcc/fog-openstack-sap-billing.git
  revision: 7c736591760102d0ebd3ab0786fbd1b755a2a81b
  branch: master
  specs:
    fog-openstack-sap-billing (0.1.0)
      fog-core (>= 1.40)
      fog-json (>= 1.0)
      fog-openstack (>= 0.1.11)
      fog-xml (>= 0.1)
      ipaddress (>= 0.8)

GIT
  remote: https://github.com/sapcc/fog-openstack.git
  revision: 875b3c1b9f85c1f7a4ff3c0891acbff2ea3fa36a
  branch: master
  specs:
    fog-openstack (0.1.21)
      fog-core (>= 1.40)
      fog-json (>= 1.0)
      ipaddress (>= 0.8)

GIT
  remote: https://github.com/sapcc/lyra-client.git
  revision: 5846553e5e657943d936130a0c8fa9d0a1805a5f
  specs:
    lyra-client (0.1.1)

GIT
  remote: https://github.com/sapcc/misty-limes.git
  revision: a99a86bf87c659cb4e5e968417623283ff70865a
  specs:
    misty-limes (0.2.2)

GIT
  remote: https://github.com/sapcc/misty.git
  revision: 92ef1f3679dc1f4e6c0cb27fd59b8b896f8983fd
  branch: master
  specs:
    misty (0.5.1)
      json (>= 1.8.3, < 3)

GIT
  remote: https://github.com/sapcc/monsoon-openstack-auth.git
  revision: f51523238c89f524b1b7eb0dcfeee97e278b4420
  specs:
    monsoon-openstack-auth (1.0.0)
      excon
      hashie
      rails
      uglifier (>= 1.3.0)

PATH
  remote: plugins/automation
  specs:
    automation (0.0.1)
      virtus

PATH
  remote: plugins/bare_metal_hana
  specs:
    bare_metal_hana (0.0.1)

PATH
  remote: plugins/block_storage
  specs:
    block_storage (0.0.1)

PATH
  remote: plugins/compute
  specs:
    compute (0.0.1)

PATH
  remote: plugins/cost_control
  specs:
    cost_control (0.0.1)
      fog-openstack-sap-billing (~> 0.1.0)

PATH
  remote: plugins/dns_service
  specs:
    dns_service (0.0.1)

PATH
  remote: plugins/identity
  specs:
    identity (0.0.1)

PATH
  remote: plugins/image
  specs:
    image (0.0.1)

PATH
  remote: plugins/inquiry
  specs:
    inquiry (0.0.1)
      aasm
      bootstrap-kaminari-views
      kaminari

PATH
  remote: plugins/key_manager
  specs:
    key_manager (0.0.1)

PATH
  remote: plugins/loadbalancing
  specs:
    loadbalancing (0.0.1)

PATH
  remote: plugins/lookup
  specs:
    lookup (0.0.1)

PATH
  remote: plugins/networking
  specs:
    networking (0.0.1)

PATH
  remote: plugins/object_storage
  specs:
    object_storage (0.0.1)

PATH
  remote: plugins/resource_management
  specs:
    resource_management (0.0.1)

PATH
  remote: plugins/shared_filesystem_storage
  specs:
    shared_filesystem_storage (0.0.1)

GEM
  remote: https://rubygems.org/
  specs:
    aasm (4.5.0)
    actionmailer (4.2.4)
      actionpack (= 4.2.4)
      actionview (= 4.2.4)
      activejob (= 4.2.4)
      mail (~> 2.5, >= 2.5.4)
      rails-dom-testing (~> 1.0, >= 1.0.5)
    actionpack (4.2.4)
      actionview (= 4.2.4)
      activesupport (= 4.2.4)
      rack (~> 1.6)
      rack-test (~> 0.6.2)
      rails-dom-testing (~> 1.0, >= 1.0.5)
      rails-html-sanitizer (~> 1.0, >= 1.0.2)
    actionview (4.2.4)
      activesupport (= 4.2.4)
      builder (~> 3.1)
      erubis (~> 2.7.0)
      rails-dom-testing (~> 1.0, >= 1.0.5)
      rails-html-sanitizer (~> 1.0, >= 1.0.2)
    activejob (4.2.4)
      activesupport (= 4.2.4)
      globalid (>= 0.3.0)
    activemodel (4.2.4)
      activesupport (= 4.2.4)
      builder (~> 3.1)
    activerecord (4.2.4)
      activemodel (= 4.2.4)
      activesupport (= 4.2.4)
      arel (~> 6.0)
    activerecord-session_store (1.0.0)
      actionpack (>= 4.0, < 5.1)
      activerecord (>= 4.0, < 5.1)
      multi_json (~> 1.11, >= 1.11.2)
      rack (>= 1.5.2, < 3)
      railties (>= 4.0, < 5.1)
    activesupport (4.2.4)
      i18n (~> 0.7)
      json (~> 1.7, >= 1.7.7)
      minitest (~> 5.1)
      thread_safe (~> 0.3, >= 0.3.4)
      tzinfo (~> 1.1)
    addressable (2.3.8)
    arel (6.0.3)
    autoprefixer-rails (6.1.0.1)
      execjs
      json
    axiom-types (0.1.1)
      descendants_tracker (~> 0.0.4)
      ice_nine (~> 0.11.0)
      thread_safe (~> 0.3, >= 0.3.1)
    babel-source (5.8.35)
    babel-transpiler (0.7.0)
      babel-source (>= 4.0, < 6)
      execjs (~> 2.0)
    binding_of_caller (0.7.2)
      debug_inspector (>= 0.0.1)
    bootstrap-kaminari-views (0.0.5)
      kaminari (>= 0.13)
      rails (>= 3.1)
    bootstrap-sass (3.3.5.1)
      autoprefixer-rails (>= 5.0.0.1)
      sass (>= 3.3.0)
    builder (3.2.3)
    byebug (8.2.4)
    capybara (2.7.0)
      addressable
      mime-types (>= 1.16)
      nokogiri (>= 1.3.3)
      rack (>= 1.0.0)
      rack-test (>= 0.5.4)
      xpath (~> 2.0)
    capybara-screenshot (1.0.11)
      capybara (>= 1.0, < 3)
      launchy
    chunky_png (1.3.7)
    cliver (0.3.2)
    coderay (1.1.0)
    coercible (1.0.0)
      descendants_tracker (~> 0.0.1)
    coffee-rails (4.1.0)
      coffee-script (>= 2.2.0)
      railties (>= 4.0.0, < 5.0)
    coffee-script (2.4.1)
      coffee-script-source
      execjs
    coffee-script-source (1.9.1.1)
    compass (1.0.3)
      chunky_png (~> 1.2)
      compass-core (~> 1.0.2)
      compass-import-once (~> 1.0.5)
      rb-fsevent (>= 0.9.3)
      rb-inotify (>= 0.9)
      sass (>= 3.3.13, < 3.5)
    compass-core (1.0.3)
      multi_json (~> 1.0)
      sass (>= 3.3.0, < 3.5)
    compass-import-once (1.0.5)
      sass (>= 3.2, < 3.5)
    compass-rails (3.0.2)
      compass (~> 1.0.0)
      sass-rails (< 5.1)
      sprockets (< 4.0)
    config (1.0.0)
      activesupport (>= 3.0)
      deep_merge (~> 1.0.0)
    connection_pool (2.2.0)
    cucumber (2.3.3)
      builder (>= 2.1.2)
      cucumber-core (~> 1.4.0)
      cucumber-wire (~> 0.0.1)
      diff-lcs (>= 1.1.3)
      gherkin (~> 3.2.0)
      multi_json (>= 1.7.5, < 2.0)
      multi_test (>= 0.1.2)
    cucumber-core (1.4.0)
      gherkin (~> 3.2.0)
    cucumber-rails (1.4.3)
      capybara (>= 1.1.2, < 3)
      cucumber (>= 1.3.8, < 3)
      mime-types (>= 1.16, < 4)
      nokogiri (~> 1.5)
      railties (>= 3, < 5)
    cucumber-wire (0.0.1)
    database_cleaner (1.5.1)
    debug_inspector (0.0.2)
    deep_merge (1.0.1)
    descendants_tracker (0.0.4)
      thread_safe (~> 0.3, >= 0.3.1)
    diff-lcs (1.2.5)
    domain_name (0.5.20161129)
      unf (>= 0.0.5, < 1.0.0)
    dotenv (2.0.2)
    dotenv-rails (2.0.2)
      dotenv (= 2.0.2)
      railties (~> 4.0)
    equalizer (0.0.11)
    erubis (2.7.0)
    excon (0.57.0)
    execjs (2.7.0)
    factory_girl (4.5.0)
      activesupport (>= 3.0.0)
    factory_girl_rails (4.5.0)
      factory_girl (~> 4.5.0)
      railties (>= 3.0.0)
    faraday (0.9.2)
      multipart-post (>= 1.2, < 3)
    ffi (1.9.10)
    fog-core (1.44.3)
      builder
      excon (~> 0.49)
      formatador (~> 0.2)
    fog-json (1.0.2)
      fog-core (~> 1.0)
      multi_json (~> 1.10)
    fog-xml (0.1.2)
      fog-core
      nokogiri (~> 1.5, >= 1.5.11)
    font-awesome-sass (4.7.0)
      sass (>= 3.2)
    foreman (0.78.0)
      thor (~> 0.19.1)
    formatador (0.2.5)
    friendly_id (5.1.0)
      activerecord (>= 4.0.0)
    gherkin (3.2.0)
    globalid (0.3.6)
      activesupport (>= 4.1.0)
    guard (2.13.0)
      formatador (>= 0.2.4)
      listen (>= 2.7, <= 4.0)
      lumberjack (~> 1.0)
      nenv (~> 0.1)
      notiffany (~> 0.0)
      pry (>= 0.9.12)
      shellany (~> 0.0)
      thor (>= 0.18.1)
    guard-compat (1.2.1)
    guard-rspec (4.6.4)
      guard (~> 2.1)
      guard-compat (~> 1.1)
      rspec (>= 2.99.0, < 4.0)
    haml (4.0.7)
      tilt
    haml-rails (0.9.0)
      actionpack (>= 4.0.1)
      activesupport (>= 4.0.1)
      haml (>= 4.0.6, < 5.0)
      html2haml (>= 1.0.1)
      railties (>= 4.0.1)
    hashie (3.5.5)
    high_voltage (2.4.0)
    hike (1.2.3)
    html2haml (2.0.0)
      erubis (~> 2.7.0)
      haml (~> 4.0.0)
      nokogiri (~> 1.6.0)
      ruby_parser (~> 3.5)
    http-cookie (1.0.3)
      domain_name (~> 0.5)
    httpclient (2.8.0)
    i18n (0.7.0)
    ice_nine (0.11.2)
    ipaddress (0.8.3)
    jquery-rails (4.0.5)
      rails-dom-testing (~> 1.0)
      railties (>= 4.2.0)
      thor (>= 0.14, < 2.0)
    jquery-ui-rails (5.0.5)
      railties (>= 3.2.16)
    json (1.8.3)
    kaminari (0.16.3)
      actionpack (>= 3.0.0)
      activesupport (>= 3.0.0)
    launchy (2.4.3)
      addressable (~> 2.3)
    listen (3.0.4)
      rb-fsevent (>= 0.9.3)
      rb-inotify (>= 0.9)
    loofah (2.0.3)
      nokogiri (>= 1.5.9)
    lumberjack (1.0.9)
    mail (2.6.4)
      mime-types (>= 1.16, < 4)
    method_source (0.8.2)
    mime-types (3.1)
      mime-types-data (~> 3.2015)
    mime-types-data (3.2016.0521)
    mini_portile2 (2.1.0)
    minitest (5.9.1)
    multi_json (1.12.1)
    multi_test (0.1.2)
    multipart-post (2.0.0)
    nenv (0.2.0)
    net-ssh (3.0.2)
    netaddr (1.5.1)
    netrc (0.11.0)
    nokogiri (1.6.8.1)
      mini_portile2 (~> 2.1.0)
    notiffany (0.0.8)
      nenv (~> 0.1)
      shellany (~> 0.0)
    pg (0.18.4)
    phantomjs (2.1.1.0)
    poltergeist (1.7.0)
      capybara (~> 2.1)
      cliver (~> 0.3.1)
      multi_json (~> 1.0)
      websocket-driver (>= 0.2.0)
    prometheus-client (0.5.0)
      quantile (~> 0.2.0)
    pry (0.10.3)
      coderay (~> 1.1.0)
      method_source (~> 0.8.1)
      slop (~> 3.4)
    pry-rails (0.3.4)
      pry (>= 0.9.10)
    puma (3.6.0)
    quantile (0.2.0)
    quiet_assets (1.1.0)
      railties (>= 3.1, < 5.0)
    rack (1.6.4)
    rack-test (0.6.3)
      rack (>= 1.0)
    rails (4.2.4)
      actionmailer (= 4.2.4)
      actionpack (= 4.2.4)
      actionview (= 4.2.4)
      activejob (= 4.2.4)
      activemodel (= 4.2.4)
      activerecord (= 4.2.4)
      activesupport (= 4.2.4)
      bundler (>= 1.3.0, < 2.0)
      railties (= 4.2.4)
      sprockets-rails
    rails-deprecated_sanitizer (1.0.3)
      activesupport (>= 4.2.0.alpha)
    rails-dom-testing (1.0.7)
      activesupport (>= 4.2.0.beta, < 5.0)
      nokogiri (~> 1.6.0)
      rails-deprecated_sanitizer (>= 1.0.1)
    rails-html-sanitizer (1.0.3)
      loofah (~> 2.0)
    rails_stdout_logging (0.0.5)
    railties (4.2.4)
      actionpack (= 4.2.4)
      activesupport (= 4.2.4)
      rake (>= 0.8.7)
      thor (>= 0.18.1, < 2.0)
    rake (11.2.2)
    rb-fsevent (0.9.6)
    rb-inotify (0.9.5)
      ffi (>= 0.5.0)
    rdoc (4.3.0)
    react-rails (1.8.2)
      babel-transpiler (>= 0.7.0)
      coffee-script-source (~> 1.8)
      connection_pool
      execjs
      railties (>= 3.2)
      tilt
    redcarpet (3.3.4)
    responders (2.1.0)
      railties (>= 4.2.0, < 5)
    rest-client (2.0.0)
      http-cookie (>= 1.0.2, < 2.0)
      mime-types (>= 1.16, < 4.0)
      netrc (~> 0.8)
    rspec (3.5.0)
      rspec-core (~> 3.5.0)
      rspec-expectations (~> 3.5.0)
      rspec-mocks (~> 3.5.0)
    rspec-core (3.5.1)
      rspec-support (~> 3.5.0)
    rspec-expectations (3.5.0)
      diff-lcs (>= 1.2.0, < 2.0)
      rspec-support (~> 3.5.0)
    rspec-mocks (3.5.0)
      diff-lcs (>= 1.2.0, < 2.0)
      rspec-support (~> 3.5.0)
    rspec-rails (3.5.1)
      actionpack (>= 3.0)
      activesupport (>= 3.0)
      railties (>= 3.0)
      rspec-core (~> 3.5.0)
      rspec-expectations (~> 3.5.0)
      rspec-mocks (~> 3.5.0)
      rspec-support (~> 3.5.0)
    rspec-support (3.5.0)
    ruby-radius (1.1)
    ruby_parser (3.7.2)
      sexp_processor (~> 4.1)
    sass (3.4.19)
    sass-rails (5.0.4)
      railties (>= 4.0.0, < 5.0)
      sass (~> 3.1)
      sprockets (>= 2.8, < 4.0)
      sprockets-rails (>= 2.0, < 4.0)
      tilt (>= 1.1, < 3)
    sass_inline_svg (0.0.4)
    sdoc (0.4.1)
      json (~> 1.7, >= 1.7.7)
      rdoc (~> 4.0)
    sentry-raven (1.2.3)
      faraday (>= 0.7.6, < 0.10.x)
    sexp_processor (4.6.0)
    shellany (0.0.1)
    simple-navigation (4.0.3)
      activesupport (>= 2.3.2)
    simple_form (3.2.0)
      actionpack (~> 4.0)
      activemodel (~> 4.0)
    slop (3.6.0)
    spinners (1.1.0)
      sass (~> 3.2)
    spring (1.4.0)
    sprockets (2.12.4)
      hike (~> 1.2)
      multi_json (~> 1.0)
      rack (~> 1.0)
      tilt (~> 1.1, != 1.3.0)
    sprockets-rails (2.3.3)
      actionpack (>= 3.0)
      activesupport (>= 3.0)
      sprockets (>= 2.8, < 4.0)
    thor (0.19.1)
    thread_safe (0.3.5)
    tilt (1.4.1)
    tzinfo (1.2.2)
      thread_safe (~> 0.1)
    uglifier (3.0.0)
      execjs (>= 0.3.0, < 3)
    unf (0.2.0.beta2)
    virtus (1.0.5)
      axiom-types (~> 0.1)
      coercible (~> 1.0)
      descendants_tracker (~> 0.0, >= 0.0.3)
      equalizer (~> 0.0, >= 0.0.9)
    web-console (2.2.1)
      activemodel (>= 4.0)
      binding_of_caller (>= 0.7.2)
      railties (>= 4.0)
      sprockets-rails (>= 2.0, < 4.0)
    websocket-driver (0.6.3)
      websocket-extensions (>= 0.1.0)
    websocket-extensions (0.1.2)
    xpath (2.0.0)
      nokogiri (~> 1.3)

PLATFORMS
  ruby

DEPENDENCIES
  activerecord-session_store
  arc-client!
  automation!
  bare_metal_hana!
  block_storage!
  bootstrap-sass
  byebug
  capybara
  capybara-screenshot
  coffee-rails
  compass-rails
  compute!
  config
  cost_control!
  cucumber-rails
  database_cleaner
  dns_service!
  dotenv-rails
  elektra-extension!
  factory_girl_rails (~> 4.0)
  fog-openstack!
  fog-openstack-sap-billing!
  font-awesome-sass
  foreman
  friendly_id
  guard-rspec
  haml-rails
  high_voltage
  httpclient
  identity!
  image!
  inquiry!
  jquery-rails
  jquery-ui-rails
  key_manager!
  loadbalancing!
  lookup!
  lyra-client!
  misty!
  misty-limes!
  monsoon-openstack-auth!
  net-ssh
  netaddr
  networking!
  object_storage!
  pg
  phantomjs
  poltergeist
  prometheus-client
  pry-rails
  puma
  quiet_assets
  rails (= 4.2.4)
  rails_stdout_logging
  react-rails
  redcarpet
  resource_management!
  responders
  rspec
  rspec-rails
  ruby-radius
  sass-rails
  sass_inline_svg
  sdoc (~> 0.4.0)
  sentry-raven
  shared_filesystem_storage!
  simple-navigation
  simple_form
  spinners
  spring
  uglifier
  unf (>= 0.2.0beta2)
  web-console (~> 2.0)

BUNDLED WITH
   1.15.1
